GEM
  remote: https://rubygems.org/
  specs:
    httpclient (2.6.0.1)
    mini_portile (0.6.2)
    nokogiri (1.6.6.2)
      mini_portile (~> 0.6.0)
    scraperwiki (3.0.2)
      httpclient
      sqlite_magic
    sqlite3 (1.3.10)
    sqlite_magic (0.0.6)
      sqlite3

PLATFORMS
  ruby

DEPENDENCIES
  nokogiri
  scraperwiki

BUNDLED WITH
   1.10.3
